PATH
  remote: .
  specs:
    ops (0.0.1)
      activesupport
      httpclient
      nokogiri
      rdf

GEM
  remote: http://rubygems.org/
  specs:
    activesupport (3.2.6)
      i18n (~> 0.6)
      multi_json (~> 1.0)
    addressable (2.2.8)
    crack (0.3.1)
    diff-lcs (1.1.3)
    httpclient (2.2.5)
    i18n (0.6.0)
    multi_json (1.3.6)
    nokogiri (1.5.5)
    rake (0.9.2.2)
    rdf (0.3.7)
      addressable (>= 2.2.6)
    rspec (2.11.0)
      rspec-core (~> 2.11.0)
      rspec-expectations (~> 2.11.0)
      rspec-mocks (~> 2.11.0)
    rspec-core (2.11.1)
    rspec-expectations (2.11.1)
      diff-lcs (~> 1.1.3)
    rspec-mocks (2.11.1)
    vcr (2.2.3)
    webmock (1.8.7)
      addressable (>= 2.2.7)
      crack (>= 0.1.7)

PLATFORMS
  ruby

DEPENDENCIES
  ops!
  rake
  rspec
  vcr
  webmock
