PATH
  remote: .
  specs:
    ops (3.0.0)
      activesupport (~> 3.2.0, >= 3.2.14)
      httpclient (~> 2.3.4.1)
      multi_json (~> 1.8, >= 1.8.2)
      nokogiri (~> 1.5.10)
      oj (~> 1.3.7)

GEM
  remote: http://rubygems.org/
  specs:
    activesupport (3.2.15)
      i18n (~> 0.6, >= 0.6.4)
      multi_json (~> 1.0)
    addressable (2.3.5)
    awesome_print (1.2.0)
    crack (0.4.1)
      safe_yaml (~> 0.9.0)
    diff-lcs (1.2.5)
    flexmock (1.3.2)
    httpclient (2.3.4.1)
    i18n (0.6.5)
    multi_json (1.8.2)
    nokogiri (1.5.10)
    oj (1.3.7)
    rake (10.1.0)
    rspec (2.14.1)
      rspec-core (~> 2.14.0)
      rspec-expectations (~> 2.14.0)
      rspec-mocks (~> 2.14.0)
    rspec-core (2.14.7)
    rspec-expectations (2.14.4)
      diff-lcs (>= 1.1.3, < 2.0)
    rspec-mocks (2.14.4)
    safe_yaml (0.9.7)
    vcr (2.7.0)
    webmock (1.13.0)
      addressable (>= 2.2.7)
      crack (>= 0.3.2)

PLATFORMS
  ruby

DEPENDENCIES
  awesome_print
  flexmock (~> 1.3.2)
  ops!
  rake (~> 10.1.0)
  rspec (~> 2.14.1)
  vcr (~> 2.7.0)
  webmock (~> 1.13.0)
