PATH
  remote: .
  specs:
    ops (3.1.0)
      activesupport (~> 3.2.0, >= 3.2.17)
      httpclient (~> 2.3.4.1)
      multi_json (>= 1.8, <= 1.9.2)
      nokogiri (~> 1.6.1)
      oj (>= 1.4.7, <= 2.6.1)

GEM
  remote: http://rubygems.org/
  specs:
    activesupport (3.2.17)
      i18n (~> 0.6, >= 0.6.4)
      multi_json (~> 1.0)
    addressable (2.3.6)
    awesome_print (1.2.0)
    crack (0.4.2)
      safe_yaml (~> 1.0.0)
    diff-lcs (1.2.5)
    flexmock (1.3.3)
    httpclient (2.3.4.1)
    i18n (0.6.9)
    mini_portile (0.5.3)
    multi_json (1.9.2)
    nokogiri (1.6.1)
      mini_portile (~> 0.5.0)
    oj (1.4.7)
    rake (10.2.1)
    rspec (2.14.1)
      rspec-core (~> 2.14.0)
      rspec-expectations (~> 2.14.0)
      rspec-mocks (~> 2.14.0)
    rspec-core (2.14.7)
    rspec-expectations (2.14.4)
      diff-lcs (>= 1.1.3, < 2.0)
    rspec-mocks (2.14.4)
    safe_yaml (1.0.1)
    vcr (2.8.0)
    webmock (1.17.4)
      addressable (>= 2.2.7)
      crack (>= 0.3.2)

PLATFORMS
  ruby

DEPENDENCIES
  awesome_print
  flexmock (~> 1.3.3)
  ops!
  rake (~> 10.2.1)
  rspec (~> 2.14.1)
  vcr (~> 2.8.0)
  webmock (>= 1.3.2, <= 1.17.4)
